PATH
  remote: .
  specs:
    google-maps-directions (0.1.0)
      addressable (~> 2.3, >= 2.3.7)
      faraday (~> 1.0)

GEM
  remote: https://rubygems.org/
  specs:
    addressable (2.7.0)
      public_suffix (>= 2.0.2, < 5.0)
    ast (2.4.2)
    awesome_print (1.9.2)
    byebug (11.1.3)
    coderay (1.1.3)
    connection_pool (2.2.5)
    crack (0.4.5)
      rexml
    diff-lcs (1.4.4)
    dotenv (2.7.6)
    excon (0.80.1)
    faraday (1.4.0)
      faraday-excon (~> 1.0)
      faraday-net_http (~> 1.0)
      faraday-net_http_persistent (~> 1.0)
      multipart-post (>= 1.2, < 3)
      ruby2_keywords (>= 0.0.4)
    faraday-excon (1.0.0)
      excon (>= 0.27.4)
    faraday-net_http (1.0.1)
    faraday-net_http_persistent (1.0.3)
      net-http-persistent (>= 3.1)
    hashdiff (1.0.1)
    method_source (1.0.0)
    multipart-post (2.1.1)
    net-http-persistent (4.0.1)
      connection_pool (~> 2.2)
    parallel (1.20.1)
    parser (3.0.1.0)
      ast (~> 2.4.1)
    pry (0.13.1)
      coderay (~> 1.1)
      method_source (~> 1.0)
    pry-byebug (3.9.0)
      byebug (~> 11.0)
      pry (~> 0.13.0)
    public_suffix (4.0.6)
    rainbow (3.0.0)
    rake (13.0.3)
    regexp_parser (2.1.1)
    rexml (3.2.5)
    rspec (3.10.0)
      rspec-core (~> 3.10.0)
      rspec-expectations (~> 3.10.0)
      rspec-mocks (~> 3.10.0)
    rspec-core (3.10.1)
      rspec-support (~> 3.10.0)
    rspec-expectations (3.10.1)
      diff-lcs (>= 1.2.0, < 2.0)
      rspec-support (~> 3.10.0)
    rspec-mocks (3.10.2)
      diff-lcs (>= 1.2.0, < 2.0)
      rspec-support (~> 3.10.0)
    rspec-support (3.10.2)
    rubocop (1.12.1)
      parallel (~> 1.10)
      parser (>= 3.0.0.0)
      rainbow (>= 2.2.2, < 4.0)
      regexp_parser (>= 1.8, < 3.0)
      rexml
      rubocop-ast (>= 1.2.0, < 2.0)
      ruby-progressbar (~> 1.7)
      unicode-display_width (>= 1.4.0, < 3.0)
    rubocop-ast (1.4.1)
      parser (>= 2.7.1.5)
    rubocop-performance (1.10.2)
      rubocop (>= 0.90.0, < 2.0)
      rubocop-ast (>= 0.4.0)
    rubocop-rake (0.5.1)
      rubocop
    rubocop-rspec (2.2.0)
      rubocop (~> 1.0)
      rubocop-ast (>= 1.1.0)
    ruby-progressbar (1.11.0)
    ruby2_keywords (0.0.4)
    unicode-display_width (2.0.0)
    webmock (3.12.2)
      addressable (>= 2.3.6)
      crack (>= 0.3.2)
      hashdiff (>= 0.4.0, < 2.0.0)

PLATFORMS
  x86_64-darwin-17
  x86_64-darwin-19
  x86_64-linux

DEPENDENCIES
  awesome_print
  bundler (~> 2.2.15)
  dotenv
  google-maps-directions!
  pry-byebug
  rake (~> 13.0)
  rspec (~> 3.10)
  rubocop (~> 1.7)
  rubocop-performance (~> 1.10)
  rubocop-rake (~> 0.5)
  rubocop-rspec (~> 2.2)
  webmock

BUNDLED WITH
   2.2.16
